GEM
  remote: https://rubygems.org/
  specs:
    event_emitter (0.2.5)
    websocket (1.2.4)
    websocket-client-simple (0.3.0)
      event_emitter
      websocket

PLATFORMS
  ruby

DEPENDENCIES
  websocket-client-simple

BUNDLED WITH
   1.13.2
